GEM
  remote: https://rubygems.org/
  specs:
    childprocess (0.3.9)
      ffi (~> 1.0, >= 1.0.11)
    ffi (1.9.3)
    jar_wrapper (0.1.8)
      zip
    multi_json (1.8.4)
    rubyzip (1.1.0)
    selenium (0.2.11)
      jar_wrapper
    selenium-client (1.2.18)
    selenium-webdriver (2.39.0)
      childprocess (>= 0.2.5)
      multi_json (~> 1.0)
      rubyzip (~> 1.0)
      websocket (~> 1.0.4)
    websocket (1.0.7)
    wirble (0.1.3)
    zip (2.0.2)

PLATFORMS
  ruby

DEPENDENCIES
  selenium
  selenium-client
  selenium-webdriver
  wirble
